GEM
  remote: http://rubygems.org/
  specs:
    POpen4 (0.1.4)
      Platform (>= 0.4.0)
      open4
    Platform (0.4.0)
    aasm (3.0.14)
    actionmailer (3.2.1)
      actionpack (= 3.2.1)
      mail (~> 2.4.0)
    actionpack (3.2.1)
      activemodel (= 3.2.1)
      activesupport (= 3.2.1)
      builder (~> 3.0.0)
      erubis (~> 2.7.0)
      journey (~> 1.0.1)
      rack (~> 1.4.0)
      rack-cache (~> 1.1)
      rack-test (~> 0.6.1)
      sprockets (~> 2.1.2)
    activemodel (3.2.1)
      activesupport (= 3.2.1)
      builder (~> 3.0.0)
    activerecord (3.2.1)
      activemodel (= 3.2.1)
      activesupport (= 3.2.1)
      arel (~> 3.0.0)
      tzinfo (~> 0.3.29)
    activeresource (3.2.1)
      activemodel (= 3.2.1)
      activesupport (= 3.2.1)
    activesupport (3.2.1)
      i18n (~> 0.6)
      multi_json (~> 1.0)
    ai4r (1.12)
    arel (3.0.2)
    builder (3.0.4)
    ci_reporter (1.8.1)
      builder (>= 2.1.2)
    daemon_controller (1.1.0)
    daemons (1.1.9)
    deadlock_retry (1.2.0)
    delayed_job (3.0.4)
      activesupport (~> 3.0)
    delayed_job_active_record (0.3.3)
      activerecord (>= 2.1.0, < 4)
      delayed_job (~> 3.0)
    erubis (2.7.0)
    eventmachine (1.0.0)
    exception_notification (3.0.0)
      actionmailer (>= 3.0.4)
      tinder (~> 1.8)
    faraday (0.8.4)
      multipart-post (~> 1.1)
    faraday_middleware (0.9.0)
      faraday (>= 0.7.4, < 0.9)
    fastthread (1.0.7)
    ffi (1.2.0)
    geoip (1.2.0)
    gruff (0.3.7)
    hashie (1.2.0)
    hike (1.2.1)
    hiredis (0.3.2)
    http_parser.rb (0.5.3)
    i18n (0.6.1)
    journey (1.0.4)
    jquery-rails (2.1.4)
      railties (>= 3.0, < 5.0)
      thor (>= 0.14, < 2.0)
    json (1.7.5)
    log4r (1.1.10)
    mail (2.4.4)
      i18n (>= 0.4.0)
      mime-types (~> 1.16)
      treetop (~> 1.4.8)
    memcache-client (1.8.5)
    metaclass (0.0.1)
    mime-types (1.19)
    minitest (2.12.1)
    minitest-colorize (0.0.4)
      minitest (~> 2.0)
    mocha (0.13.1)
      metaclass (~> 0.0.1)
    msgpack (0.4.7)
    multi_json (1.4.0)
    multipart-post (1.1.5)
    nokogiri (1.5.5)
    open4 (1.3.0)
    passenger (3.0.18)
      daemon_controller (>= 1.0.0)
      fastthread (>= 1.0.1)
      rack
      rake (>= 0.8.1)
    pg (0.14.1)
    polyglot (0.3.3)
    rack (1.4.1)
    rack-cache (1.2)
      rack (>= 0.4)
    rack-ssl (1.3.2)
      rack
    rack-test (0.6.2)
      rack (>= 1.0)
    rails (3.2.1)
      actionmailer (= 3.2.1)
      actionpack (= 3.2.1)
      activerecord (= 3.2.1)
      activeresource (= 3.2.1)
      activesupport (= 3.2.1)
      bundler (~> 1.0)
      railties (= 3.2.1)
    railties (3.2.1)
      actionpack (= 3.2.1)
      activesupport (= 3.2.1)
      rack-ssl (~> 1.3.2)
      rake (>= 0.8.7)
      rdoc (~> 3.4)
      thor (~> 0.14.6)
    rake (10.0.2)
    rdoc (3.12)
      json (~> 1.4)
    redis (2.2.2)
    rinku (1.7.2)
    rmagick (2.13.1)
    sass (3.2.3)
    simple_oauth (0.1.9)
    sprockets (2.1.3)
      hike (~> 1.2)
      rack (~> 1.0)
      tilt (~> 1.1, != 1.3.0)
    thor (0.14.6)
    tidy_ffi (0.1.4)
      ffi (>= 0.3.5)
    tilt (1.3.3)
    tinder (1.9.1)
      eventmachine (>= 0.12.0, < 2)
      faraday (~> 0.8)
      faraday_middleware (~> 0.8)
      hashie (~> 1.0)
      json (~> 1.6)
      mime-types (~> 1.16)
      multi_json (~> 1.0)
      multipart-post (~> 1.1)
      twitter-stream (~> 0.1)
    treetop (1.4.12)
      polyglot
      polyglot (>= 0.3.1)
    twitter-stream (0.1.16)
      eventmachine (>= 0.12.8)
      http_parser.rb (~> 0.5.1)
      simple_oauth (~> 0.1.4)
    tzinfo (0.3.35)
    will_paginate (3.0.3)
    yui-compressor (0.9.6)
      POpen4 (>= 0.1.4)

PLATFORMS
  ruby

DEPENDENCIES
  aasm
  ai4r
  ci_reporter
  daemons
  deadlock_retry
  delayed_job (~> 3.0.1)
  delayed_job_active_record
  exception_notification
  geoip
  gruff
  hiredis (~> 0.3.1)
  jquery-rails (>= 1.0.12)
  log4r
  memcache-client
  minitest-colorize
  mocha
  msgpack
  nokogiri
  passenger
  pg
  rails (= 3.2.1)
  redis (~> 2.2.0)
  rinku
  rmagick
  sass
  tidy_ffi
  will_paginate (~> 3.0)
  yui-compressor
